GEM
  remote: https://rubygems.org/
  specs:
    dotenv (2.8.1)
    json (2.6.3)
    mcp-rb (0.2.0)
    mini_portile2 (2.8.8)
    nokogiri (1.15.7)
      mini_portile2 (~> 2.8.2)
      racc (~> 1.4)
    nokogiri (1.15.7-x86_64-linux)
      racc (~> 1.4)
    racc (1.8.1)

PLATFORMS
  ruby
  x86_64-linux

DEPENDENCIES
  dotenv (~> 2.8.1)
  json (~> 2.6.3)
  mcp-rb (~> 0.2.0)
  nokogiri (~> 1.15.0)

BUNDLED WITH
   2.6.2
